GEM
  remote: https://rubygems.org/
  specs:
    addressable (2.3.5)
    daemons (1.1.9)
    eventmachine (1.0.3)
    faraday (0.9.0)
      multipart-post (>= 1.2, < 3)
    httpclient (2.3.4.1)
    kgio (2.8.1)
    multipart-post (2.0.0)
    octokit (2.7.0)
      sawyer (~> 0.5.2)
    rack (1.5.2)
    rack-protection (1.5.2)
      rack
    raindrops (0.12.0)
    sawyer (0.5.2)
      addressable (~> 2.3.5)
      faraday (~> 0.8, < 0.10)
    sinatra (1.4.4)
      rack (~> 1.4)
      rack-protection (~> 1.4)
      tilt (~> 1.3, >= 1.3.4)
    thin (1.6.1)
      daemons (>= 1.0.9)
      eventmachine (>= 1.0.0)
      rack (>= 1.0.0)
    tilt (1.4.1)
    unicorn (4.8.0)
      kgio (~> 2.6)
      rack
      raindrops (~> 0.7)
    unified_diff (0.3.3)

PLATFORMS
  ruby

DEPENDENCIES
  httpclient
  octokit
  sinatra
  thin
  unicorn
  unified_diff
