PATH
  remote: .
  specs:
    compare_linker (1.1.7)
      httpclient
      octokit

GEM
  remote: https://rubygems.org/
  specs:
    addressable (2.3.8)
    diff-lcs (1.2.5)
    faraday (0.9.1)
      multipart-post (>= 1.2, < 3)
    httpclient (2.6.0.1)
    multipart-post (2.0.0)
    octokit (3.8.0)
      sawyer (~> 0.6.0, >= 0.5.3)
    rake (10.4.2)
    rspec (3.2.0)
      rspec-core (~> 3.2.0)
      rspec-expectations (~> 3.2.0)
      rspec-mocks (~> 3.2.0)
    rspec-core (3.2.3)
      rspec-support (~> 3.2.0)
    rspec-expectations (3.2.1)
      diff-lcs (>= 1.2.0, < 2.0)
      rspec-support (~> 3.2.0)
    rspec-mocks (3.2.1)
      diff-lcs (>= 1.2.0, < 2.0)
      rspec-support (~> 3.2.0)
    rspec-support (3.2.2)
    sawyer (0.6.0)
      addressable (~> 2.3.5)
      faraday (~> 0.8, < 0.10)

PLATFORMS
  ruby

DEPENDENCIES
  bundler (~> 1.3)
  compare_linker!
  rake
  rspec
